GEM
  remote: https://rubygems.org/
  specs:
    cairo (1.17.13)
      native-package-installer (>= 1.0.3)
      pkg-config (>= 1.2.2)
      red-colors
    cairo-gobject (4.2.3)
      cairo (>= 1.16.2)
      glib2 (= 4.2.3)
    classy_hash (1.0.0)
    fiddle (1.1.2)
    game_icons (0.46.0.20221129)
    gdk_pixbuf2 (4.2.3)
      gio2 (= 4.2.3)
    gio2 (4.2.3)
      fiddle
      gobject-introspection (= 4.2.3)
    glib2 (4.2.3)
      native-package-installer (>= 1.0.3)
      pkg-config (>= 1.3.5)
    gobject-introspection (4.2.3)
      glib2 (= 4.2.3)
    highline (2.1.0)
    json (2.7.2)
    matrix (0.4.2)
    mercenary (0.4.0)
    mini_portile2 (2.8.7)
    native-package-installer (1.1.9)
    nokogiri (1.16.7)
      mini_portile2 (~> 2.8.2)
      racc (~> 1.4)
    pango (4.2.3)
      cairo-gobject (= 4.2.3)
      gobject-introspection (= 4.2.3)
    pkg-config (1.5.6)
    racc (1.8.1)
    rainbow (3.1.1)
    rake (13.2.1)
    red-colors (0.4.0)
      json
      matrix
    roo (2.10.1)
      nokogiri (~> 1)
      rubyzip (>= 1.3.0, < 3.0.0)
    rsvg2 (4.2.3)
      cairo-gobject (= 4.2.3)
      gdk_pixbuf2 (= 4.2.3)
    ruby-progressbar (1.13.0)
    rubyzip (2.3.2)
    squib (0.19.0)
      cairo (~> 1.17, >= 1.17.8)
      classy_hash (= 1.0.0)
      gio2 (~> 4.1, >= 4.1.2)
      gobject-introspection (~> 4.1, >= 4.1.2)
      highline (= 2.1.0)
      mercenary (= 0.4.0)
      nokogiri (~> 1.14, >= 1.14.2)
      pango (~> 4.1, >= 4.1.2)
      rainbow (~> 3.1)
      roo (~> 2.9)
      rsvg2 (~> 4.1, >= 4.1.2)
      ruby-progressbar (~> 1.11)

PLATFORMS
  ruby

DEPENDENCIES
  game_icons
  rake
  squib

BUNDLED WITH
   2.5.11
